GEM
  remote: https://rubygems.org/
  specs:
    multi_json (1.15.0)
    rack (1.6.13)
    rack-protection (1.5.5)
      rack
    sinatra (1.4.8)
      rack (~> 1.5)
      rack-protection (~> 1.4)
      tilt (>= 1.3, < 3)
    sinatra-cross_origin (0.4.0)
    sinatra-json (0.1.0)
      multi_json (~> 1.0)
      sinatra (~> 1.0)
    tilt (2.0.10)

PLATFORMS
  ruby

DEPENDENCIES
  sinatra
  sinatra-cross_origin
  sinatra-json

BUNDLED WITH
   2.2.14
